GEM
  remote: https://rubygems.org/
  specs:
    coderay (1.1.0)
    method_source (0.8.2)
    pry (0.10.1)
      coderay (~> 1.1.0)
      method_source (~> 0.8.1)
      slop (~> 3.4)
    puma (2.11.2)
      rack (>= 1.1, < 2.0)
    rack (1.6.0)
    slop (3.6.0)
    tubesock (0.2.5)
      rack (>= 1.5.0)
      websocket (>= 1.1.0)
    websocket (1.2.1)

PLATFORMS
  ruby

DEPENDENCIES
  pry
  puma
  tubesock
  websocket
